GIT
  remote: git@git.gitlab.cloud.bukalapak.io:bukalapak/mws-api-ruby-client.git
  revision: c390fc9c0180142000309d6b710760246dd05ba2
  tag: v0.1.7
  specs:
    mws_api_client (0.1.7)
      connection_pool
      excon
      json

GIT
  remote: git@git.gitlab.cloud.bukalapak.io:bukalapak/neo-client-rb.git
  revision: 3d2b8c6040d5442e28c5a137fd70b6a61c8b0439
  tag: v0.2.0
  specs:
    neo_client (0.2.0)
      activesupport (>= 4.0.0)
      faraday
      json

GIT
  remote: https://github.com/bukalapak/toggleable.git
  revision: 851418720381d76c3766fe3af14b4eff777f5ab6
  branch: palanca-client-stable
  specs:
    toggleable (0.2.6)
      activesupport (>= 4.0.0)
      faraday
      json
      net-http-persistent

GEM
  remote: https://rubygems.org/
  specs:
    aasm (5.0.8)
      concurrent-ruby (~> 1.0)
    activemodel (5.2.4.3)
      activesupport (= 5.2.4.3)
    activerecord (5.2.4.3)
      activemodel (= 5.2.4.3)
      activesupport (= 5.2.4.3)
      arel (>= 9.0)
    activesupport (5.2.4.3)
      concurrent-ruby (~> 1.0, >= 1.0.2)
      i18n (>= 0.7, < 2)
      minitest (~> 5.1)
      tzinfo (~> 1.1)
    addressable (2.8.0)
      public_suffix (>= 2.0.2, < 5.0)
    amq-protocol (2.3.1)
    arel (9.0.0)
    ast (2.4.1)
    backports (3.18.1)
    bunny (2.15.0)
      amq-protocol (~> 2.3, >= 2.3.1)
    byebug (11.1.3)
    coderay (1.1.3)
    concurrent-ruby (1.1.6)
    connection_pool (2.2.3)
    coveralls_reborn (0.16.0)
      simplecov (~> 0.18.1)
      term-ansicolor (~> 1.6)
      thor (>= 0.20.3, < 2.0)
      tins (~> 1.16)
    crack (0.4.3)
      safe_yaml (~> 1.0.0)
    declarative (0.0.20)
    deep_merge (1.2.1)
    diff-lcs (1.4.3)
    digest-crc (0.6.3)
      rake (>= 12.0.0, < 14.0.0)
    diplomat (2.4.0)
      deep_merge (~> 1.0, >= 1.0.1)
      faraday (>= 0.9, < 2.0.0)
    docile (1.3.2)
    dogstatsd-ruby (4.8.1)
    domain_name (0.5.20190701)
      unf (>= 0.0.5, < 1.0.0)
    dotenv (2.7.5)
    excon (0.76.0)
    factory_bot (5.2.0)
      activesupport (>= 4.2.0)
    faraday (1.0.1)
      multipart-post (>= 1.2, < 3)
    foreman (0.87.1)
    forgery (0.7.0)
    fuubar (2.5.0)
      rspec-core (~> 3.0)
      ruby-progressbar (~> 1.4)
    google-apis-core (0.2.1)
      addressable (~> 2.5, >= 2.5.1)
      googleauth (~> 0.14)
      httpclient (>= 2.8.1, < 3.0)
      mini_mime (~> 1.0)
      representable (~> 3.0)
      retriable (>= 2.0, < 4.0)
      rexml
      signet (~> 0.14)
      webrick
    google-apis-iamcredentials_v1 (0.1.0)
      google-apis-core (~> 0.1)
    google-apis-storage_v1 (0.2.0)
      google-apis-core (~> 0.1)
    google-cloud-core (1.5.0)
      google-cloud-env (~> 1.0)
      google-cloud-errors (~> 1.0)
    google-cloud-env (1.4.0)
      faraday (>= 0.17.3, < 2.0)
    google-cloud-errors (1.0.1)
    google-cloud-storage (1.30.0)
      addressable (~> 2.5)
      digest-crc (~> 0.4)
      google-apis-iamcredentials_v1 (~> 0.1)
      google-apis-storage_v1 (~> 0.1)
      google-cloud-core (~> 1.2)
      googleauth (~> 0.9)
      mini_mime (~> 1.0)
    googleauth (0.15.1)
      faraday (>= 0.17.3, < 2.0)
      jwt (>= 1.4, < 3.0)
      memoist (~> 0.16)
      multi_json (~> 1.11)
      os (>= 0.9, < 2.0)
      signet (~> 0.14)
    hashdiff (1.0.1)
    honeybadger (4.7.0)
    http-accept (1.7.0)
    http-cookie (1.0.3)
      domain_name (~> 0.5)
    httpclient (2.8.3)
    i18n (1.8.3)
      concurrent-ruby (~> 1.0)
    imgkit (1.6.2)
    json (2.3.0)
    json-schema (2.8.1)
      addressable (>= 2.4)
    jwt (2.2.1)
    lhm (2.2.0)
    logstash-event (1.2.02)
    logstash-logger (0.26.1)
      logstash-event (~> 1.2)
    memoist (0.16.2)
    method_source (1.0.0)
    mime-types (3.3.1)
      mime-types-data (~> 3.2015)
    mime-types-data (3.2020.0512)
    mini_mime (1.1.0)
    minitest (5.14.1)
    mock_redis (0.25.0)
    multi_json (1.14.1)
    multipart-post (2.1.1)
    mustermann (1.1.1)
      ruby2_keywords (~> 0.0.1)
    mysql2 (0.5.3)
    net-http-persistent (4.0.0)
      connection_pool (~> 2.2)
    netrc (0.11.0)
    nio4r (2.5.7)
    os (1.1.1)
    parallel (1.19.2)
    parser (2.7.1.4)
      ast (~> 2.4.1)
    phonelib (0.6.43)
    prometheus-client (2.1.0)
    protor (0.1.2)
    pry (0.13.1)
      coderay (~> 1.1)
      method_source (~> 1.0)
    pry-nav (1.0.0)
      pry (>= 0.9.10, < 0.15)
    public_suffix (4.0.6)
    puma (4.3.8)
      nio4r (~> 2.0)
    puma-plugin-statsd (1.2.1)
      puma (>= 3.12, < 6)
    rack (2.2.3)
    rack-protection (2.0.8.1)
      rack
    rack-proxy (0.6.5)
      rack
    rack-test (1.1.0)
      rack (>= 1.0, < 3)
    racksh (1.0.0)
      rack (>= 1.0)
      rack-test (>= 0.5)
    rainbow (3.0.0)
    rake (13.0.1)
    redis (4.2.1)
    regexp_parser (1.7.1)
    representable (3.1.1)
      declarative (< 0.1.0)
      trailblazer-option (>= 0.1.1, < 0.2.0)
      uber (< 0.2.0)
    require_all (1.5.0)
    resilient (0.5.0)
    rest-client (2.1.0)
      http-accept (>= 1.7.0, < 2.0)
      http-cookie (>= 1.0.2, < 2.0)
      mime-types (>= 1.16, < 4.0)
      netrc (~> 0.8)
    retriable (3.1.2)
    rexml (3.2.5)
    rspec (3.9.0)
      rspec-core (~> 3.9.0)
      rspec-expectations (~> 3.9.0)
      rspec-mocks (~> 3.9.0)
    rspec-core (3.9.2)
      rspec-support (~> 3.9.3)
    rspec-expectations (3.9.2)
      diff-lcs (>= 1.2.0, < 2.0)
      rspec-support (~> 3.9.0)
    rspec-json_expectations (2.2.0)
    rspec-mocks (3.9.1)
      diff-lcs (>= 1.2.0, < 2.0)
      rspec-support (~> 3.9.0)
    rspec-support (3.9.3)
    rubocop (0.86.0)
      parallel (~> 1.10)
      parser (>= 2.7.0.1)
      rainbow (>= 2.2.2, < 4.0)
      regexp_parser (>= 1.7)
      rexml
      rubocop-ast (>= 0.0.3, < 1.0)
      ruby-progressbar (~> 1.7)
      unicode-display_width (>= 1.4.0, < 2.0)
    rubocop-ast (0.1.0)
      parser (>= 2.7.0.1)
    ruby-progressbar (1.10.1)
    ruby2_keywords (0.0.2)
    rufo (0.5.1)
    safe_yaml (1.0.5)
    signet (0.14.1)
      addressable (~> 2.3)
      faraday (>= 0.17.3, < 2.0)
      jwt (>= 1.5, < 3.0)
      multi_json (~> 1.10)
    simplecov (0.18.5)
      docile (~> 1.1)
      simplecov-html (~> 0.11)
    simplecov-cobertura (1.4.2)
      simplecov (~> 0.8)
    simplecov-html (0.12.2)
    sinatra (2.0.8.1)
      mustermann (~> 1.0)
      rack (~> 2.0)
      rack-protection (= 2.0.8.1)
      tilt (~> 2.0)
    sinatra-activerecord (2.0.18)
      activerecord (>= 4.1)
      sinatra (>= 1.0)
    sinatra-contrib (2.0.8.1)
      backports (>= 2.8.2)
      multi_json
      mustermann (~> 1.0)
      rack-protection (= 2.0.8.1)
      sinatra (= 2.0.8.1)
      tilt (~> 2.0)
    sinatra-cross_origin (0.4.0)
    sync (0.5.0)
    term-ansicolor (1.7.1)
      tins (~> 1.0)
    thor (1.0.1)
    thread_safe (0.3.6)
    tilt (2.0.10)
    tins (1.25.0)
      sync
    trailblazer-option (0.1.1)
    tzinfo (1.2.7)
      thread_safe (~> 0.1)
    uber (0.1.0)
    unf (0.1.4)
      unf_ext
    unf_ext (0.0.7.7)
    unicode-display_width (1.7.0)
    webmock (3.8.3)
      addressable (>= 2.3.6)
      crack (>= 0.3.2)
      hashdiff (>= 0.4.0, < 2.0.0)
    webrick (1.7.0)
    wkhtmltoimage-binary (0.12.5)

PLATFORMS
  ruby

DEPENDENCIES
  aasm
  activerecord
  activesupport
  bunny
  byebug
  coveralls_reborn (~> 0.16.0)
  diplomat
  dogstatsd-ruby
  dotenv
  factory_bot
  faraday
  foreman
  forgery
  fuubar
  google-cloud-storage
  honeybadger
  http-accept
  imgkit
  json-schema
  jwt
  lhm
  logstash-logger
  mock_redis
  mws_api_client!
  mysql2
  neo_client!
  net-http-persistent (~> 4.0)
  phonelib
  prometheus-client
  protor
  pry
  pry-nav
  puma (= 4.3.8)
  puma-plugin-statsd
  rack-proxy
  rack-test
  racksh
  rake
  redis
  require_all (< 2.0.0)
  resilient
  rest-client
  rspec
  rspec-json_expectations
  rubocop
  rufo
  simplecov
  simplecov-cobertura
  sinatra
  sinatra-activerecord
  sinatra-contrib
  sinatra-cross_origin
  toggleable!
  webmock
  wkhtmltoimage-binary (= 0.12.5)

BUNDLED WITH
   1.17.3
